GEM
  remote: https://rubygems.org/
  specs:
    addressable (2.5.1)
      public_suffix (~> 2.0, >= 2.0.2)
    backports (3.8.0)
    builder (2.1.2)
    crack (0.4.3)
      safe_yaml (~> 1.0.0)
    hashdiff (0.3.4)
    public_suffix (2.0.5)
    puma (3.8.2)
    rack (1.2.8)
    rails_12factor (0.0.3)
      rails_serve_static_assets
      rails_stdout_logging
    rails_serve_static_assets (0.0.5)
    rails_stdout_logging (0.0.5)
    safe_yaml (1.0.4)
    sinatra (1.2.9)
      backports
      rack (~> 1.1, < 1.5)
      tilt (>= 1.2.2, < 2.0)
    tilt (1.4.1)
    twiliolib (2.0.7)
      builder (>= 2.1.2)
    vcr (3.0.3)
    webmock (3.0.1)
      addressable (>= 2.3.6)
      crack (>= 0.3.2)
      hashdiff

PLATFORMS
  ruby

DEPENDENCIES
  puma
  rails_12factor
  sinatra
  twiliolib
  vcr
  webmock

RUBY VERSION
   ruby 2.4.1p111

BUNDLED WITH
   1.14.6
